RESTRICTION: == netstandard2.0
NUGET
  remote: https://www.nuget.org/api/v2
    FAKE (5.3)

GROUP androidapp
RESTRICTION: == monoandroid7.1
NUGET
  remote: https://www.nuget.org/api/v2
    Fabulous.Core (0.21.1)
      FSharp.Core (>= 4.5.2)
      Xamarin.Forms (>= 3.1.0.697729)
    Fabulous.LiveUpdate (0.21.1)
      Fabulous.Core (>= 0.21.1 < 0.22)
      FSharp.Core (>= 4.5.2)
      Newtonsoft.Json (>= 11.0.2)
      Xamarin.Forms (>= 3.1.0.697729)
    FSharp.Core (4.5.2)
    Newtonsoft.Json (11.0.2)
    System.Numerics.Vectors (4.5)
    UrhoSharp.Forms (1.8.93)
      Xamarin.Forms (>= 2.5.0.280555)
    Xamarin.Android.Arch.Core.Common (1.0.0.1)
      Xamarin.Android.Support.Annotations (>= 27.0.2.1)
    Xamarin.Android.Arch.Core.Runtime (1.0.0.1)
      Xamarin.Android.Arch.Core.Common (>= 1.0.0.1)
      Xamarin.Android.Support.Annotations (>= 27.0.2.1)
    Xamarin.Android.Arch.Lifecycle.Common (1.0.3.1)
      Xamarin.Android.Support.Annotations (>= 27.0.2.1)
    Xamarin.Android.Arch.Lifecycle.Runtime (1.0.3.1)
      Xamarin.Android.Arch.Core.Common (>= 1.0.0.1)
      Xamarin.Android.Arch.Lifecycle.Common (>= 1.0.3.1)
      Xamarin.Android.Support.Annotations (>= 27.0.2.1)
    Xamarin.Android.FSharp.ResourceProvider (1.0.0.25)
    Xamarin.Android.Support.Animated.Vector.Drawable (27.0.2.1)
      Xamarin.Android.Support.Vector.Drawable (27.0.2.1)
    Xamarin.Android.Support.Annotations (27.0.2.1)
    Xamarin.Android.Support.Compat (27.0.2.1)
      Xamarin.Android.Arch.Lifecycle.Runtime (>= 1.0.3.1)
      Xamarin.Android.Support.Annotations (27.0.2.1)
    Xamarin.Android.Support.Core.UI (27.0.2.1)
      Xamarin.Android.Support.Compat (27.0.2.1)
    Xamarin.Android.Support.Core.Utils (27.0.2.1)
      Xamarin.Android.Support.Compat (27.0.2.1)
    Xamarin.Android.Support.CustomTabs (27.0.2.1)
      Xamarin.Android.Support.Compat (27.0.2.1)
    Xamarin.Android.Support.Design (27.0.2.1)
      Xamarin.Android.Support.Compat (27.0.2.1)
      Xamarin.Android.Support.Core.UI (27.0.2.1)
      Xamarin.Android.Support.Core.Utils (27.0.2.1)
      Xamarin.Android.Support.Fragment (27.0.2.1)
      Xamarin.Android.Support.Media.Compat (27.0.2.1)
      Xamarin.Android.Support.Transition (27.0.2.1)
      Xamarin.Android.Support.v7.AppCompat (27.0.2.1)
      Xamarin.Android.Support.v7.RecyclerView (27.0.2.1)
    Xamarin.Android.Support.Fragment (27.0.2.1)
      Xamarin.Android.Support.Compat (27.0.2.1)
      Xamarin.Android.Support.Core.UI (27.0.2.1)
      Xamarin.Android.Support.Core.Utils (27.0.2.1)
    Xamarin.Android.Support.Media.Compat (27.0.2.1)
      Xamarin.Android.Support.Compat (27.0.2.1)
    Xamarin.Android.Support.Transition (27.0.2.1)
      Xamarin.Android.Support.Compat (27.0.2.1)
      Xamarin.Android.Support.Core.UI (27.0.2.1)
      Xamarin.Android.Support.Core.Utils (27.0.2.1)
      Xamarin.Android.Support.Fragment (27.0.2.1)
      Xamarin.Android.Support.Media.Compat (27.0.2.1)
    Xamarin.Android.Support.v4 (27.0.2.1)
      Xamarin.Android.Support.Compat (27.0.2.1)
      Xamarin.Android.Support.Core.UI (27.0.2.1)
      Xamarin.Android.Support.Core.Utils (27.0.2.1)
      Xamarin.Android.Support.Fragment (27.0.2.1)
      Xamarin.Android.Support.Media.Compat (27.0.2.1)
    Xamarin.Android.Support.v7.AppCompat (27.0.2.1)
      Xamarin.Android.Support.Animated.Vector.Drawable (27.0.2.1)
      Xamarin.Android.Support.Compat (27.0.2.1)
      Xamarin.Android.Support.Core.UI (27.0.2.1)
      Xamarin.Android.Support.Core.Utils (27.0.2.1)
      Xamarin.Android.Support.Fragment (27.0.2.1)
      Xamarin.Android.Support.Media.Compat (27.0.2.1)
      Xamarin.Android.Support.Vector.Drawable (27.0.2.1)
    Xamarin.Android.Support.v7.CardView (27.0.2.1)
      Xamarin.Android.Support.Annotations (27.0.2.1)
    Xamarin.Android.Support.v7.MediaRouter (27.0.2.1)
      Xamarin.Android.Support.v7.AppCompat (27.0.2.1)
      Xamarin.Android.Support.v7.Palette (27.0.2.1)
    Xamarin.Android.Support.v7.Palette (27.0.2.1)
      Xamarin.Android.Support.Compat (27.0.2.1)
      Xamarin.Android.Support.Core.Utils (27.0.2.1)
    Xamarin.Android.Support.v7.RecyclerView (27.0.2.1)
      Xamarin.Android.Support.Compat (27.0.2.1)
      Xamarin.Android.Support.Core.UI (27.0.2.1)
    Xamarin.Android.Support.Vector.Drawable (27.0.2.1)
      Xamarin.Android.Support.Compat (27.0.2.1)
    Xamarin.Essentials (0.10.0-preview)
      System.Numerics.Vectors (>= 4.5)
      Xamarin.Android.Support.Core.Utils (>= 27.0.2.1)
      Xamarin.Android.Support.CustomTabs (>= 27.0.2.1)
    Xamarin.Forms (3.1.0.697729)
      Xamarin.Android.Support.Design (>= 25.4.0.2)
      Xamarin.Android.Support.v4 (>= 25.4.0.2)
      Xamarin.Android.Support.v7.AppCompat (>= 25.4.0.2)
      Xamarin.Android.Support.v7.CardView (>= 25.4.0.2)
      Xamarin.Android.Support.v7.MediaRouter (>= 25.4.0.2)

GROUP iosapp
RESTRICTION: == xamarinios
NUGET
  remote: https://www.nuget.org/api/v2
    Fabulous.Core (0.21.1)
      FSharp.Core (>= 4.5.2)
      Xamarin.Forms (>= 3.1.0.697729)
    Fabulous.LiveUpdate (0.21.1)
      Fabulous.Core (>= 0.21.1 < 0.22)
      FSharp.Core (>= 4.5.2)
      Newtonsoft.Json (>= 11.0.2)
      Xamarin.Forms (>= 3.1.0.697729)
    FSharp.Core (4.5.2)
    Newtonsoft.Json (11.0.2)
    System.Numerics.Vectors (4.5)
    UrhoSharp.Forms (1.8.93)
      Xamarin.Forms (>= 2.5.0.280555)
    Xamarin.Essentials (0.10.0-preview)
      System.Numerics.Vectors (>= 4.5)
    Xamarin.Forms (3.1.0.697729)

GROUP neutral
RESTRICTION: == netstandard2.0
NUGET
  remote: https://www.nuget.org/api/v2
    Fabulous.Core (0.21.1)
      FSharp.Core (>= 4.5.2)
      Xamarin.Forms (>= 3.1.0.697729)
    Fabulous.LiveUpdate (0.21.1)
      Fabulous.Core (>= 0.21.1 < 0.22)
      FSharp.Core (>= 4.5.2)
      Newtonsoft.Json (>= 11.0.2)
      Xamarin.Forms (>= 3.1.0.697729)
    FSharp.Core (4.5.2)
    Newtonsoft.Json (11.0.2)
    System.Numerics.Vectors (4.5)
    UrhoSharp.Forms (1.8.93)
      Xamarin.Forms (>= 2.5.0.280555)
    Xamarin.Essentials (0.10.0-preview)
      System.Numerics.Vectors (>= 4.5)
    Xamarin.Forms (3.1.0.697729)
